GEM
  remote: https://rubygems.org/
  specs:
    ast (2.4.2)
    coderay (1.1.3)
    commander (4.6.0)
      highline (~> 2.0.0)
    diff-lcs (1.5.0)
    highline (2.0.3)
    language_server-protocol (3.16.0.3)
    method_source (1.0.0)
    parallel (1.22.1)
    parlour (8.0.0)
      commander (~> 4.5)
      parser
      rainbow (~> 3.0)
      sorbet-runtime (>= 0.5)
    parser (3.1.2.0)
      ast (~> 2.4.1)
    prettier_print (0.1.0)
    pry (0.14.1)
      coderay (~> 1.1)
      method_source (~> 1.0)
    rainbow (3.1.1)
    regexp_parser (2.5.0)
    rexml (3.2.5)
    rubocop (1.30.1)
      parallel (~> 1.10)
      parser (>= 3.1.0.0)
      rainbow (>= 2.2.2, < 4.0)
      regexp_parser (>= 1.8, < 3.0)
      rexml (>= 3.2.5, < 4.0)
      rubocop-ast (>= 1.18.0, < 2.0)
      ruby-progressbar (~> 1.7)
      unicode-display_width (>= 1.4.0, < 3.0)
    rubocop-ast (1.18.0)
      parser (>= 3.1.1.0)
    rubocop-sorbet (0.6.8)
      rubocop (>= 0.90.0)
    ruby-lsp (0.1.0)
      language_server-protocol
      rubocop (>= 1.0)
      sorbet-runtime
      syntax_tree (>= 2.4)
    ruby-progressbar (1.11.0)
    sorbet (0.5.10096)
      sorbet-static (= 0.5.10096)
    sorbet-runtime (0.5.10096)
    sorbet-static (0.5.10096-universal-darwin-14)
    sorbet-static (0.5.10096-universal-darwin-15)
    sorbet-static (0.5.10096-universal-darwin-16)
    sorbet-static (0.5.10096-universal-darwin-17)
    sorbet-static (0.5.10096-universal-darwin-18)
    sorbet-static (0.5.10096-universal-darwin-19)
    sorbet-static (0.5.10096-universal-darwin-20)
    sorbet-static (0.5.10096-universal-darwin-21)
    sorbet-static (0.5.10096-x86_64-linux)
    spoom (1.1.11)
      sorbet (>= 0.5.9204)
      sorbet-runtime (>= 0.5.9204)
      thor (>= 0.19.2)
    syntax_tree (2.7.1)
      prettier_print
    tapioca (0.4.13)
      parlour (>= 2.1.0)
      pry (>= 0.12.2)
      sorbet-runtime
      sorbet-static (>= 0.4.4471)
      spoom
      thor (>= 0.19.2)
    thor (1.2.1)
    unicode-display_width (2.1.0)
    unparser (0.6.4)
      diff-lcs (~> 1.3)
      parser (>= 3.1.0)

PLATFORMS
  ruby

DEPENDENCIES
  rubocop
  rubocop-sorbet
  ruby-lsp (~> 0.1.0)
  sorbet
  sorbet-runtime
  tapioca
  unparser

BUNDLED WITH
   2.3.3
