PATH
  remote: .
  specs:
    git-stacked-prs (0.0.1)

GEM
  remote: https://rubygems.org/
  specs:
    addressable (2.8.6)
      public_suffix (>= 2.0.2, < 6.0)
    ast (2.4.2)
    git (1.19.1)
      addressable (~> 2.8)
      rchardet (~> 1.8)
    json (2.7.1)
    language_server-protocol (3.17.0.3)
    minitest (5.22.2)
    parallel (1.24.0)
    parser (3.3.0.5)
      ast (~> 2.4.1)
      racc
    public_suffix (5.0.4)
    racc (1.7.3)
    rainbow (3.1.1)
    rake (13.1.0)
    rchardet (1.8.0)
    regexp_parser (2.9.0)
    rexml (3.4.2)
    rubocop (1.60.2)
      json (~> 2.3)
      language_server-protocol (>= 3.17.0)
      parallel (~> 1.10)
      parser (>= 3.3.0.2)
      rainbow (>= 2.2.2, < 4.0)
      regexp_parser (>= 1.8, < 3.0)
      rexml (>= 3.2.5, < 4.0)
      rubocop-ast (>= 1.30.0, < 2.0)
      ruby-progressbar (~> 1.7)
      unicode-display_width (>= 2.4.0, < 3.0)
    rubocop-ast (1.30.0)
      parser (>= 3.2.1.0)
    rubocop-shopify (2.5.0)
      rubocop (~> 1.25)
    ruby-progressbar (1.13.0)
    unicode-display_width (2.5.0)

PLATFORMS
  x86_64-linux

DEPENDENCIES
  git (~> 1.19)
  git-stacked-prs!
  minitest (~> 5.0)
  rake (~> 13.0)
  rubocop (~> 1.21)
  rubocop-shopify

BUNDLED WITH
   2.4.8
